GEM
  remote: https://rubygems.org/
  specs:
    colorize (0.8.1)
    nokogiri (1.13.8-x64-mingw-ucrt)
      racc (~> 1.4)
    racc (1.6.0)

PLATFORMS
  x64-mingw-ucrt

DEPENDENCIES
  colorize
  nokogiri

BUNDLED WITH
   2.3.7
